GEM
  remote: https://rubygems.org/
  specs:
    activemodel (3.2.22.4)
      activesupport (= 3.2.22.4)
      builder (~> 3.0.0)
    activesupport (3.2.22.4)
      i18n (~> 0.6, >= 0.6.4)
      multi_json (~> 1.0)
    bson (1.9.2)
    builder (3.0.4)
    coderay (1.1.1)
    daemons (1.2.4)
    eventmachine (1.2.0.1)
    haml (4.0.7)
      tilt
    i18n (0.7.0)
    method_source (0.8.2)
    mongoid (3.1.7)
      activemodel (~> 3.2)
      moped (~> 1.4)
      origin (~> 1.0)
      tzinfo (~> 0.3.29)
    moped (1.5.3)
    multi_json (1.12.1)
    origin (1.1.0)
    pry (0.10.4)
      coderay (~> 1.1.0)
      method_source (~> 0.8.1)
      slop (~> 3.4)
    rack (1.6.4)
    rack-flash3 (1.0.5)
      rack
    rack-protection (1.5.3)
      rack
    sass (3.4.22)
    sinatra (1.4.7)
      rack (~> 1.5)
      rack-protection (~> 1.4)
      tilt (>= 1.3, < 3)
    sinatra_warden (1.0.0)
      sinatra (~> 1.4.6)
      warden (~> 1.2.3)
    slop (3.6.0)
    thin (1.7.0)
      daemons (~> 1.0, >= 1.0.9)
      eventmachine (~> 1.0, >= 1.0.4)
      rack (>= 1, < 3)
    tilt (2.0.5)
    tzinfo (0.3.51)
    warden (1.2.6)
      rack (>= 1.0)

PLATFORMS
  ruby

DEPENDENCIES
  bson (~> 1.9.2)
  haml
  mongoid
  pry
  rack
  rack-flash3
  sass
  sinatra
  sinatra_warden
  thin

BUNDLED WITH
   1.12.5
